GEM
  remote: https://rubygems.org/
  specs:
    beaglebone (1.2.7)
    bson (4.3.0)
    daemons (1.2.6)
    eventmachine (1.2.6)
    foreman (0.84.0)
      thor (~> 0.19.1)
    haml (5.0.4)
      temple (>= 0.8.0)
      tilt
    mongo (2.5.1)
      bson (>= 4.3.0, < 5.0.0)
    rack (1.6.10)
    rack-protection (1.5.5)
      rack
    sinatra (1.4.8)
      rack (~> 1.5)
      rack-protection (~> 1.4)
      tilt (>= 1.3, < 3)
    sinatra-flash (0.3.0)
      sinatra (>= 1.0.0)
    temple (0.8.0)
    thin (1.7.2)
      daemons (~> 1.0, >= 1.0.9)
      eventmachine (~> 1.0, >= 1.0.4)
      rack (>= 1, < 3)
    thor (0.19.4)
    tilt (2.0.8)

PLATFORMS
  ruby

DEPENDENCIES
  beaglebone
  foreman
  haml
  mongo
  sinatra
  sinatra-flash
  thin

BUNDLED WITH
   1.16.1
